GEM
  remote: https://rubygems.org/
  specs:
    acpc_dealer (2.4.1)
      clive (~> 1.2)
      process_runner (~> 0.0)
      rake-compiler (~> 0.8)
    acpc_poker_basic_proxy (3.0.4)
      acpc_poker_types (~> 7.0)
      contextual_exceptions (~> 0.0)
    acpc_poker_player_proxy (1.2.2)
      acpc_dealer (~> 2)
      acpc_poker_basic_proxy (~> 3.0)
      acpc_poker_types (~> 7.0)
      contextual_exceptions (~> 0.0)
      methadone (~> 1.2)
    acpc_poker_types (7.6.3)
      acpc_dealer (~> 2.0)
      celluloid (~> 0.14)
      contextual_exceptions (~> 0.0)
      inflections (~> 3.2)
      process_runner (~> 0.0)
    acpc_table_manager (2.0.0)
      acpc_dealer (~> 2.0)
      acpc_poker_player_proxy (~> 1.1)
      acpc_poker_types
      awesome_print
      contextual_exceptions
      mongoid (~> 3.1)
      moped (~> 1.4)
      origin (~> 1.0)
      pony
      process_runner (~> 0.0)
      redis (~> 3.2)
      rusen
      zaru
    actionmailer (3.2.14)
      actionpack (= 3.2.14)
      mail (~> 2.5.4)
    actionpack (3.2.14)
      activemodel (= 3.2.14)
      activesupport (= 3.2.14)
      builder (~> 3.0.0)
      erubis (~> 2.7.0)
      journey (~> 1.0.4)
      rack (~> 1.4.5)
      rack-cache (~> 1.2)
      rack-test (~> 0.6.1)
      sprockets (~> 2.2.1)
    activemodel (3.2.14)
      activesupport (= 3.2.14)
      builder (~> 3.0.0)
    activerecord (3.2.14)
      activemodel (= 3.2.14)
      activesupport (= 3.2.14)
      arel (~> 3.0.2)
      tzinfo (~> 0.3.29)
    activeresource (3.2.14)
      activemodel (= 3.2.14)
      activesupport (= 3.2.14)
    activesupport (3.2.14)
      i18n (~> 0.6, >= 0.6.4)
      multi_json (~> 1.0)
    arel (3.0.2)
    autoprefixer-rails (4.0.2.1)
      execjs
    awesome_print (1.7.0)
    bcrypt (3.1.9)
    better_errors (0.9.0)
      coderay (>= 1.0.0)
      erubis (>= 2.6.6)
    binding_of_caller (0.7.2)
      debug_inspector (>= 0.0.1)
    blueprint-rails (0.2.0)
      railties (>= 3.0, < 5.0)
      thor (>= 0.14, < 2.0)
    bootstrap-sass (3.3.1.0)
      sass (~> 3.2)
    builder (3.0.4)
    callsite (0.0.11)
    celluloid (0.17.3)
      celluloid-essentials
      celluloid-extras
      celluloid-fsm
      celluloid-pool
      celluloid-supervision
      timers (>= 4.1.1)
    celluloid-essentials (0.20.5)
      timers (>= 4.1.1)
    celluloid-extras (0.20.5)
      timers (>= 4.1.1)
    celluloid-fsm (0.20.5)
      timers (>= 4.1.1)
    celluloid-pool (0.20.5)
      timers (>= 4.1.1)
    celluloid-supervision (0.20.6)
      timers (>= 4.1.1)
    chunky_png (1.2.8)
    clive (1.2.1)
    code_analyzer (0.4.5)
      sexp_processor
    coderay (1.0.9)
    coffee-filter (0.1.3)
      coffee-script (>= 2.2.0)
      haml (< 4.0)
    coffee-rails (3.2.2)
      coffee-script (>= 2.2.0)
      railties (~> 3.2.0)
    coffee-script (2.2.0)
      coffee-script-source
      execjs
    coffee-script-source (1.6.3)
    colored (1.2)
    compass (0.12.2)
      chunky_png (~> 1.2)
      fssm (>= 0.2.7)
      sass (~> 3.1)
    compass-rails (1.0.3)
      compass (>= 0.12.2, < 0.14)
    contextual_exceptions (0.0.2)
    daemon-overlord (0.2.1)
      process_runner
      thor
    daemon_controller (1.2.0)
    daemons (1.1.9)
    debug_inspector (0.0.2)
    erubis (2.7.0)
    eventmachine (1.2.0.1)
    execjs (1.4.0)
      multi_json (~> 1.0)
    fssm (0.2.10)
    haml (3.1.8)
    hike (1.2.3)
    hitimes (1.2.4)
    i18n (0.7.0)
    inflections (3.3.0)
      activesupport (~> 3.2.0)
    journey (1.0.4)
    jquery-rails (2.3.0)
      railties (>= 3.0, < 5.0)
      thor (>= 0.14, < 2.0)
    jquery-ui-rails (4.1.2)
      railties (>= 3.1.0)
    js-routes (0.9.9)
      railties (>= 3.2)
      sprockets-rails
    json (1.8.6)
    kramdown (1.1.0)
    mail (2.5.4)
      mime-types (~> 1.16)
      treetop (~> 1.4.8)
    meta_request (0.3.4)
      callsite (~> 0.0, >= 0.0.11)
      rack-contrib (~> 1.1)
      railties (>= 3.0.0, < 5.0.0)
    methadone (1.9.2)
      bundler
    method_source (0.8.2)
    mime-types (1.25.1)
    mongoid (3.1.7)
      activemodel (~> 3.2)
      moped (~> 1.4)
      origin (~> 1.0)
      tzinfo (~> 0.3.29)
    moped (1.5.3)
    multi_json (1.12.1)
    oily_png (1.1.0)
      chunky_png (~> 1.2.7)
    origin (1.1.0)
    passenger (4.0.56)
      daemon_controller (>= 1.2.0)
      rack
      rake (>= 0.8.1)
    polyglot (0.3.5)
    pony (1.11)
      mail (>= 2.0)
    process_runner (0.0.4)
    pry (0.9.12.6)
      coderay (~> 1.0)
      method_source (~> 0.8)
      slop (~> 3.4)
    pry-rails (0.3.2)
      pry (>= 0.9.10)
    rack (1.4.5)
    rack-cache (1.2)
      rack (>= 0.4)
    rack-contrib (1.2.0)
      rack (>= 0.9.1)
    rack-ssl (1.3.4)
      rack
    rack-test (0.6.3)
      rack (>= 1.0)
    rails (3.2.14)
      actionmailer (= 3.2.14)
      actionpack (= 3.2.14)
      activerecord (= 3.2.14)
      activeresource (= 3.2.14)
      activesupport (= 3.2.14)
      bundler (~> 1.0)
      railties (= 3.2.14)
    rails_best_practices (1.15.4)
      activesupport
      awesome_print
      code_analyzer (>= 0.4.3)
      colored
      erubis
      i18n
      json
      require_all
      ruby-progressbar
    railties (3.2.14)
      actionpack (= 3.2.14)
      activesupport (= 3.2.14)
      rack-ssl (~> 1.3.2)
      rake (>= 0.8.7)
      rdoc (~> 3.4)
      thor (>= 0.14.6, < 2.0)
    rake (11.2.2)
    rake-compiler (0.9.9)
      rake
    rdoc (3.12.2)
      json (~> 1.4)
    redis (3.3.1)
    require_all (1.3.2)
    ruby-progressbar (1.5.1)
    rusen (0.1.0)
    sass (3.2.10)
    sass-rails (3.2.6)
      railties (~> 3.2.0)
      sass (>= 3.1.10)
      tilt (~> 1.3)
    sexp_processor (4.4.3)
    slop (3.6.0)
    sprockets (2.2.3)
      hike (~> 1.2)
      multi_json (~> 1.0)
      rack (~> 1.0)
      tilt (~> 1.1, != 1.3.0)
    sprockets-rails (0.0.1)
      sprockets (>= 1.0.2)
    thin (1.5.1)
      daemons (>= 1.0.9)
      eventmachine (>= 0.12.6)
      rack (>= 1.0.0)
    thor (0.19.1)
    tilt (1.4.1)
    timers (4.1.1)
      hitimes
    treetop (1.4.15)
      polyglot
      polyglot (>= 0.3.1)
    tzinfo (0.3.51)
    uglifier (2.1.2)
      execjs (>= 0.3.0)
      multi_json (~> 1.0, >= 1.0.2)
    yard (0.8.7)
    zaru (0.1.0)
    zen-grids (1.4)
      sass (>= 3.1)

PLATFORMS
  ruby

DEPENDENCIES
  acpc_table_manager (~> 2.0)
  autoprefixer-rails
  awesome_print
  bcrypt (~> 3.1.5)
  better_errors
  binding_of_caller
  blueprint-rails (~> 0.2)
  bootstrap-sass (~> 3.3.1)
  chunky_png
  coffee-filter (~> 0.1)
  coffee-rails
  compass-rails (~> 1.0)
  daemon-overlord
  haml (~> 3.1)
  jquery-rails (~> 2.2)
  jquery-ui-rails
  js-routes
  kramdown
  meta_request
  oily_png
  passenger (~> 4.0)
  pry-rails
  rack (~> 1.4)
  rails (~> 3.2)
  rails_best_practices
  sass-rails (>= 3.2)
  thin
  uglifier
  yard
  zen-grids

BUNDLED WITH
   1.17.2
